GEM
  remote: https://rubygems.org/
  specs:
    colorize (0.8.1)
    logger (1.5.3)
    optparse (0.3.1)

PLATFORMS
  arm64-darwin-22

DEPENDENCIES
  colorize
  logger
  optparse

BUNDLED WITH
   2.4.10
